PATH
  remote: .
  specs:
    advent-of-code (0.1.0)

GEM
  remote: https://rubygems.org/
  specs:
    awesome_print (1.9.2)
    coderay (1.1.3)
    diff-lcs (1.5.0)
    method_source (1.0.0)
    parslet (2.0.0)
    pry (0.14.2)
      coderay (~> 1.1)
      method_source (~> 1.0)
    rake (13.1.0)
    rbtree (0.4.6)
    rspec (3.12.0)
      rspec-core (~> 3.12.0)
      rspec-expectations (~> 3.12.0)
      rspec-mocks (~> 3.12.0)
    rspec-core (3.12.2)
      rspec-support (~> 3.12.0)
    rspec-expectations (3.12.3)
      diff-lcs (>= 1.2.0, < 2.0)
      rspec-support (~> 3.12.0)
    rspec-mocks (3.12.6)
      diff-lcs (>= 1.2.0, < 2.0)
      rspec-support (~> 3.12.0)
    rspec-support (3.12.1)
    scanf (1.0.0)
    set (1.0.3)
    sorted_set (1.0.3)
      rbtree
      set (~> 1.0)
    terminal-table (3.0.2)
      unicode-display_width (>= 1.1.1, < 3)
    unicode-display_width (2.5.0)

PLATFORMS
  arm64-darwin-22

DEPENDENCIES
  advent-of-code!
  awesome_print
  bundler
  parslet
  pry
  rake
  rspec
  scanf
  sorted_set
  terminal-table

BUNDLED WITH
   2.4.22
